GEM
  remote: https://rubygems.org/
  specs:
    code_driven_development (0.0.5)
      coderay
      require_all
      ruby_parser
    coderay (1.1.0)
    rack (1.5.2)
    rack-protection (1.5.2)
      rack
    require_all (1.3.2)
    ruby_parser (3.4.1)
      sexp_processor (~> 4.1)
    sexp_processor (4.4.1)
    sinatra (1.4.4)
      rack (~> 1.4)
      rack-protection (~> 1.4)
      tilt (~> 1.3, >= 1.3.4)
    tilt (1.4.1)

PLATFORMS
  ruby

DEPENDENCIES
  code_driven_development
  coderay
  rack
  sinatra
